GEM
  remote: http://rubygems.org/
  specs:
    actionpack (2.3.10)
      activesupport (= 2.3.10)
      rack (~> 1.1.0)
    activesupport (2.3.10)
    rack (1.1.0)

PLATFORMS
  ruby

DEPENDENCIES
  actionpack (~> 2.3.10)
